GEM
  remote: https://rubygems.org/
  specs:
    diff-lcs (1.3)
    dotenv (2.7.5)
    given_core (3.8.0)
      sorcerer (>= 0.3.7)
    mini_portile2 (2.4.0)
    nokogiri (1.11.0)
      mini_portile2 (~> 2.4.0)
    nokogiri (1.10.8-x64-mingw32)
      mini_portile2 (~> 2.4.0)
    pg (1.2.2)
    pg (1.2.2-x64-mingw32)
    rack (2.2.3)
    rack-test (1.1.0)
      rack (>= 1.0, < 3)
    rack-unreloader (1.7.0)
    rake (13.0.1)
    roda (3.29.0)
      rack
    rspec (3.9.0)
      rspec-core (~> 3.9.0)
      rspec-expectations (~> 3.9.0)
      rspec-mocks (~> 3.9.0)
    rspec-core (3.9.1)
      rspec-support (~> 3.9.1)
    rspec-expectations (3.9.0)
      diff-lcs (>= 1.2.0, < 2.0)
      rspec-support (~> 3.9.0)
    rspec-given (3.8.0)
      given_core (= 3.8.0)
      rspec (>= 2.14.0)
    rspec-mocks (3.9.1)
      diff-lcs (>= 1.2.0, < 2.0)
      rspec-support (~> 3.9.0)
    rspec-support (3.9.2)
    sequel (5.29.0)
    sorcerer (2.0.1)

PLATFORMS
  ruby
  x64-mingw32

DEPENDENCIES
  dotenv
  nokogiri (>= 1.10.4)
  pg
  rack-test
  rack-unreloader
  rake
  roda
  rspec-given
  sequel

RUBY VERSION
   ruby 2.5.5p157

BUNDLED WITH
   1.17.3
