GEM
  remote: https://rubygems.org/
  specs:
    diff-lcs (1.3)
    dotenv (2.6.0)
    given_core (3.8.0)
      sorcerer (>= 0.3.7)
    mini_portile2 (2.4.0)
    nokogiri (1.10.4)
      mini_portile2 (~> 2.4.0)
    nokogiri (1.10.4-x64-mingw32)
      mini_portile2 (~> 2.4.0)
    pg (1.1.4)
    pg (1.1.4-x64-mingw32)
    rack (2.0.8)
    rack-test (1.1.0)
      rack (>= 1.0, < 3)
    rack-unreloader (1.6.0)
    rake (12.3.2)
    roda (3.16.0)
      rack
    rspec (3.8.0)
      rspec-core (~> 3.8.0)
      rspec-expectations (~> 3.8.0)
      rspec-mocks (~> 3.8.0)
    rspec-core (3.8.0)
      rspec-support (~> 3.8.0)
    rspec-expectations (3.8.2)
      diff-lcs (>= 1.2.0, < 2.0)
      rspec-support (~> 3.8.0)
    rspec-given (3.8.0)
      given_core (= 3.8.0)
      rspec (>= 2.14.0)
    rspec-mocks (3.8.0)
      diff-lcs (>= 1.2.0, < 2.0)
      rspec-support (~> 3.8.0)
    rspec-support (3.8.0)
    sequel (5.16.0)
    sorcerer (1.0.2)

PLATFORMS
  ruby
  x64-mingw32

DEPENDENCIES
  dotenv
  nokogiri (>= 1.10.4)
  pg
  rack-test
  rack-unreloader
  rake
  roda
  rspec-given
  sequel

RUBY VERSION
   ruby 2.5.5p157

BUNDLED WITH
   1.17.3
